FRAMEWORK: NET45
NUGET
  remote: https://www.nuget.org/api/v2
    Argu (3.7)
    FAKE (4.48)
    FSharp.Core (4.0.0.1)
    Newtonsoft.Json (9.0.1)

GROUP Dev
NUGET
  remote: https://www.nuget.org/api/v2
    ilmerge (2.14.1208)
